GEM
  remote: https://rubygems.org/
  specs:

PLATFORMS
  ruby

DEPENDENCIES  

RUBY VERSION
   ruby 2.5.1p57

BUNDLED WITH
   1.16.3
